PATH
  remote: handlers/lita-pet
  specs:
    lita-pet (0.0.1)
      lita (>= 4.0)

GEM
  remote: https://rubygems.org/
  specs:
    eventmachine (1.0.4)
    faraday (0.9.1)
      multipart-post (>= 1.2, < 3)
    faye-websocket (0.9.2)
      eventmachine (>= 0.12.0)
      websocket-driver (>= 0.5.1)
    flippy (0.1.2)
      ruby-termios
      trollop
    http_router (0.11.1)
      rack (>= 1.0.0)
      url_mount (~> 0.2.1)
    i18n (0.7.0)
    ice_nine (0.11.1)
    lita (4.0.4)
      bundler (>= 1.3)
      faraday (>= 0.8.7)
      http_router (>= 0.11.1)
      i18n (>= 0.6.9)
      ice_nine (>= 0.11.0)
      multi_json (>= 1.7.7)
      puma (>= 2.7.1)
      rack (>= 1.5.2)
      rb-readline (>= 0.5.1)
      redis-namespace (>= 1.3.0)
      thor (>= 0.18.1)
    lita-cron (0.0.3)
      lita (>= 2.7)
      rufus-scheduler (= 2.0.24)
    lita-google (1.0.0)
      lita (>= 4.0)
    lita-google-images (2.0.0)
      lita (>= 4.0)
    lita-key-value (1.0.0)
      lita (>= 4.0)
    lita-pebbles (0.0.2)
      flippy (~> 0.1.2)
      lita (>= 2.0)
      pebbles-suddenly_death_string (~> 0.0.4)
    lita-slack (1.0.3)
      eventmachine
      faraday
      faye-websocket (>= 0.8.0)
      lita (>= 4.0.4)
      multi_json
    lita-sushiyuki (0.0.6)
      lita (>= 3.1)
    lita-wikipedia (0.0.3)
      lita (>= 3.1)
    multi_json (1.10.1)
    multipart-post (2.0.0)
    pebbles-suddenly_death_string (0.0.4)
    puma (2.10.2)
      rack (>= 1.1, < 2.0)
    rack (1.6.0)
    rb-readline (0.5.2)
    redis (3.2.0)
    redis-namespace (1.5.1)
      redis (~> 3.0, >= 3.0.4)
    ruby-termios (0.9.6)
    rufus-scheduler (2.0.24)
      tzinfo (>= 0.3.22)
    thor (0.19.1)
    thread_safe (0.3.4)
    trollop (2.1.1)
    tzinfo (1.2.2)
      thread_safe (~> 0.1)
    url_mount (0.2.1)
      rack
    websocket-driver (0.5.1)
      websocket-extensions (>= 0.1.0)
    websocket-extensions (0.1.1)

PLATFORMS
  ruby

DEPENDENCIES
  lita
  lita-cron
  lita-google
  lita-google-images
  lita-key-value
  lita-pebbles
  lita-pet!
  lita-slack
  lita-sushiyuki
  lita-wikipedia
